PATH
  remote: .
  specs:
    merge_ruby_client (0.1.0)
      async-http-faraday (>= 0.0, < 1.0)
      faraday (>= 1.10, < 3.0)
      faraday-multipart (>= 0.0, < 2.0)
      faraday-net_http (>= 1.0, < 4.0)
      faraday-retry (>= 1.0, < 3.0)
      mini_mime

GEM
  remote: https://rubygems.org/
  specs:
    ast (2.4.2)
    async (1.32.1)
      console (~> 1.10)
      nio4r (~> 2.3)
      timers (~> 4.1)
    async-http (0.60.2)
      async (>= 1.25)
      async-io (>= 1.28)
      async-pool (>= 0.2)
      protocol-http (~> 0.24.0)
      protocol-http1 (~> 0.15.0)
      protocol-http2 (~> 0.15.0)
      traces (>= 0.10.0)
    async-http-faraday (0.12.0)
      async-http (~> 0.42)
      faraday
    async-io (1.43.2)
      async
    async-pool (0.4.0)
      async (>= 1.25)
    base64 (0.2.0)
    console (1.19.0)
      fiber-annotation
      fiber-local
    faraday (2.8.1)
      base64
      faraday-net_http (>= 2.0, < 3.1)
      ruby2_keywords (>= 0.0.4)
    faraday-multipart (1.0.4)
      multipart-post (~> 2)
    faraday-net_http (3.0.2)
    faraday-retry (2.2.1)
      faraday (~> 2.0)
    fiber-annotation (0.2.0)
    fiber-local (1.0.0)
    json (2.7.1)
    language_server-protocol (3.17.0.3)
    mini_mime (1.1.5)
    minitest (5.22.2)
    multipart-post (2.4.0)
    nio4r (2.7.1)
    parallel (1.24.0)
    parser (3.3.0.5)
      ast (~> 2.4.1)
      racc
    protocol-hpack (1.4.2)
    protocol-http (0.24.7)
    protocol-http1 (0.15.1)
      protocol-http (~> 0.22)
    protocol-http2 (0.15.1)
      protocol-hpack (~> 1.4)
      protocol-http (~> 0.18)
    racc (1.7.3)
    rainbow (3.1.1)
    rake (13.1.0)
    regexp_parser (2.9.0)
    rexml (3.2.6)
    rubocop (1.60.2)
      json (~> 2.3)
      language_server-protocol (>= 3.17.0)
      parallel (~> 1.10)
      parser (>= 3.3.0.2)
      rainbow (>= 2.2.2, < 4.0)
      regexp_parser (>= 1.8, < 3.0)
      rexml (>= 3.2.5, < 4.0)
      rubocop-ast (>= 1.30.0, < 2.0)
      ruby-progressbar (~> 1.7)
      unicode-display_width (>= 2.4.0, < 3.0)
    rubocop-ast (1.30.0)
      parser (>= 3.2.1.0)
    ruby-progressbar (1.13.0)
    ruby2_keywords (0.0.5)
    timers (4.3.5)
    traces (0.11.1)
    unicode-display_width (2.5.0)

PLATFORMS
  ruby

DEPENDENCIES
  merge_ruby_client!
  minitest (~> 5.0)
  rake (~> 13.0)
  rubocop (~> 1.21)

BUNDLED WITH
   2.1.4
